GEM
  remote: https://rubygems.org/
  specs:
    actionmailer (4.0.2)
      actionpack (= 4.0.2)
      mail (~> 2.5.4)
    actionpack (4.0.2)
      activesupport (= 4.0.2)
      builder (~> 3.1.0)
      erubis (~> 2.7.0)
      rack (~> 1.5.2)
      rack-test (~> 0.6.2)
    activemodel (4.0.2)
      activesupport (= 4.0.2)
      builder (~> 3.1.0)
    activerecord (4.0.2)
      activemodel (= 4.0.2)
      activerecord-deprecated_finders (~> 1.0.2)
      activesupport (= 4.0.2)
      arel (~> 4.0.0)
    activerecord-deprecated_finders (1.0.3)
    activesupport (4.0.2)
      i18n (~> 0.6, >= 0.6.4)
      minitest (~> 4.2)
      multi_json (~> 1.3)
      thread_safe (~> 0.1)
      tzinfo (~> 0.3.37)
    arel (4.0.2)
    backports (3.6.0)
    builder (3.1.4)
    coderay (1.1.0)
    diff-lcs (1.2.5)
    docile (1.1.3)
    erubis (2.7.0)
    faraday (0.9.0)
      multipart-post (>= 1.2, < 3)
    hashie (2.1.1)
    i18n (0.6.9)
    jwt (1.0.0)
    mail (2.5.4)
      mime-types (~> 1.16)
      treetop (~> 1.4.8)
    method_source (0.8.2)
    mime-types (1.25.1)
    minitest (4.7.5)
    multi_json (1.10.1)
    multi_xml (0.5.5)
    multipart-post (2.0.0)
    mysql2 (0.3.16)
    oauth2 (0.9.4)
      faraday (>= 0.8, < 0.10)
      jwt (~> 1.0)
      multi_json (~> 1.3)
      multi_xml (~> 0.5)
      rack (~> 1.2)
    omniauth (1.2.1)
      hashie (>= 1.2, < 3)
      rack (~> 1.0)
    omniauth-github (1.1.2)
      omniauth (~> 1.0)
      omniauth-oauth2 (~> 1.1)
    omniauth-oauth2 (1.1.2)
      faraday (>= 0.8, < 0.10)
      multi_json (~> 1.3)
      oauth2 (~> 0.9.3)
      omniauth (~> 1.2)
    polyglot (0.3.5)
    pry (0.9.12.6)
      coderay (~> 1.0)
      method_source (~> 0.8)
      slop (~> 3.4)
    rack (1.5.2)
    rack-parser (0.6.0)
      rack
    rack-protection (1.5.3)
      rack
    rack-rewrite (1.5.0)
    rack-test (0.6.2)
      rack (>= 1.0)
    rack-uploads (0.2.1)
    rake (10.3.2)
    redis (3.1.0)
    redis-rack (1.5.0)
      rack (~> 1.5)
      redis-store (~> 1.1.0)
    redis-store (1.1.4)
      redis (>= 2.2)
    rspec (3.0.0)
      rspec-core (~> 3.0.0)
      rspec-expectations (~> 3.0.0)
      rspec-mocks (~> 3.0.0)
    rspec-core (3.0.0)
      rspec-support (~> 3.0.0)
    rspec-expectations (3.0.0)
      diff-lcs (>= 1.2.0, < 2.0)
      rspec-support (~> 3.0.0)
    rspec-mocks (3.0.1)
      rspec-support (~> 3.0.0)
    rspec-support (3.0.0)
    simplecov (0.8.2)
      docile (~> 1.1.0)
      multi_json
      simplecov-html (~> 0.8.0)
    simplecov-html (0.8.0)
    sinatra (1.4.5)
      rack (~> 1.4)
      rack-protection (~> 1.4)
      tilt (~> 1.3, >= 1.3.4)
    sinatra-activerecord (1.4.0)
      activerecord (>= 3.0)
      sinatra (~> 1.0)
    sinatra-contrib (1.4.2)
      backports (>= 2.0)
      multi_json
      rack-protection
      rack-test
      sinatra (~> 1.4.0)
      tilt (~> 1.3)
    sinatra-logger (0.1.1)
      sinatra (>= 1.0)
    slop (3.5.0)
    thread_safe (0.3.4)
    tilt (1.4.1)
    treetop (1.4.15)
      polyglot
      polyglot (>= 0.3.1)
    tzinfo (0.3.39)
    yodatra (0.3.0)
      rack (~> 1.4)
      rack-protection (~> 1.4)
      sinatra (~> 1.4.4, >= 1.4.4)
      sinatra-activerecord (>= 1.2.4)
      sinatra-contrib (~> 1.4.2, >= 1.4.2)
      sinatra-logger

PLATFORMS
  ruby

DEPENDENCIES
  actionmailer (= 4.0.2)
  activerecord (= 4.0.2)
  mysql2
  omniauth-github (= 1.1.2)
  pry
  rack-parser
  rack-rewrite
  rack-test
  rack-uploads (= 0.2.1)
  rake
  redis
  redis-rack
  rspec
  simplecov
  sinatra
  sinatra-activerecord (= 1.4.0)
  yodatra (>= 0.3.0)
